GEM
  remote: https://rubygems.org/
  specs:
    pg (1.3.1)
    rake (13.0.6)
    sequel (5.53.0)

PLATFORMS
  ruby

DEPENDENCIES
  pg (~> 1.3)
  rake (~> 13.0)
  sequel (~> 5.53)

RUBY VERSION
   ruby 3.1.0p0

BUNDLED WITH
   2.3.6
