GEM
  remote: https://rubygems.org/
  specs:
    addressable (2.8.0)
      public_suffix (>= 2.0.2, < 5.0)
    ansi (1.5.0)
    builder (3.2.4)
    crack (0.4.5)
      rexml
    hashdiff (1.0.1)
    minitest (5.15.0)
    minitest-logger (0.1.1)
      minitest
    minitest-reporters (1.5.0)
      ansi
      builder
      minitest (>= 5.0)
      ruby-progressbar
    mocha (1.14.0)
    pg (1.3.1)
    public_suffix (4.0.7)
    rake (13.0.6)
    rexml (3.2.5)
    ruby-progressbar (1.11.0)
    sequel (5.53.0)
    webmock (3.14.0)
      addressable (>= 2.8.0)
      crack (>= 0.3.2)
      hashdiff (>= 0.4.0, < 2.0.0)

PLATFORMS
  ruby

DEPENDENCIES
  minitest (~> 5.15)
  minitest-logger (~> 0.1.1)
  minitest-reporters (~> 1.5)
  mocha (~> 1.14)
  pg (~> 1.3)
  rake (~> 13.0)
  sequel (~> 5.53)
  webmock (~> 3.14)

RUBY VERSION
   ruby 3.1.0p0

BUNDLED WITH
   2.3.6
